GEM
  remote: http://rubygems.org/
  specs:
    bcrypt-ruby (2.1.4)
    git (1.2.5)
    jeweler (1.5.2)
      bundler (~> 1.0.0)
      git (>= 1.2.5)
      rake
    rake (0.8.7)

PLATFORMS
  ruby

DEPENDENCIES
  bcrypt-ruby
  bundler (~> 1.0.0)
  jeweler (~> 1.5.2)
